GEM
  remote: https://rubygems.org/
  specs:
    cmdparse (3.0.7)
    geom2d (0.3.1)
    hexapdf (0.9.3)
      cmdparse (~> 3.0, >= 3.0.3)
      geom2d (~> 0.2)
    nio4r (2.5.9)
    puma (6.2.1)
      nio4r (~> 2.0)
    rack (3.0.7)

PLATFORMS
  ruby

DEPENDENCIES
  hexapdf (~> 0.9.3)
  puma
  rack

RUBY VERSION
   ruby 2.7.6p219

BUNDLED WITH
   2.1.4
